PATH
  remote: .
  specs:
    doughboy (0.0.3)
      open4 (~> 1.0.1)

GEM
  remote: http://rubygems.org/
  specs:
    diff-lcs (1.1.2)
    open4 (1.0.1)
    rspec (2.4.0)
      rspec-core (~> 2.4.0)
      rspec-expectations (~> 2.4.0)
      rspec-mocks (~> 2.4.0)
    rspec-core (2.4.0)
    rspec-expectations (2.4.0)
      diff-lcs (~> 1.1.2)
    rspec-mocks (2.4.0)

PLATFORMS
  ruby

DEPENDENCIES
  doughboy!
  rspec (~> 2.4.0)
